PATH
  remote: .
  specs:
    eventhub-processor2 (1.12.0)
      bunny (~> 2.19)
      celluloid (~> 0.18)
      eventhub-components (~> 0.2)
      uuidtools (~> 2.1)

GEM
  remote: https://rubygems.org/
  specs:
    amq-protocol (2.3.2)
    ast (2.4.2)
    bunny (2.19.0)
      amq-protocol (~> 2.3, >= 2.3.1)
      sorted_set (~> 1, >= 1.0.2)
    celluloid (0.18.0)
      timers (~> 4)
    diff-lcs (1.5.0)
    docile (1.4.0)
    eventhub-components (0.2.2)
      logstash-logger (~> 0.26)
    json (2.6.2)
    logstash-event (1.2.02)
    logstash-logger (0.26.1)
      logstash-event (~> 1.2)
    parallel (1.22.1)
    parser (3.1.2.0)
      ast (~> 2.4.1)
    rainbow (3.1.1)
    rake (13.0.6)
    rbtree (0.4.5)
    regexp_parser (2.5.0)
    rexml (3.2.5)
    rspec (3.11.0)
      rspec-core (~> 3.11.0)
      rspec-expectations (~> 3.11.0)
      rspec-mocks (~> 3.11.0)
    rspec-core (3.11.0)
      rspec-support (~> 3.11.0)
    rspec-expectations (3.11.0)
      diff-lcs (>= 1.2.0, < 2.0)
      rspec-support (~> 3.11.0)
    rspec-mocks (3.11.1)
      diff-lcs (>= 1.2.0, < 2.0)
      rspec-support (~> 3.11.0)
    rspec-support (3.11.0)
    rubocop (1.32.0)
      json (~> 2.3)
      parallel (~> 1.10)
      parser (>= 3.1.0.0)
      rainbow (>= 2.2.2, < 4.0)
      regexp_parser (>= 1.8, < 3.0)
      rexml (>= 3.2.5, < 4.0)
      rubocop-ast (>= 1.19.1, < 2.0)
      ruby-progressbar (~> 1.7)
      unicode-display_width (>= 1.4.0, < 3.0)
    rubocop-ast (1.19.1)
      parser (>= 3.1.1.0)
    rubocop-performance (1.14.3)
      rubocop (>= 1.7.0, < 2.0)
      rubocop-ast (>= 0.4.0)
    ruby-progressbar (1.11.0)
    set (1.0.2)
    simplecov (0.21.2)
      docile (~> 1.1)
      simplecov-html (~> 0.11)
      simplecov_json_formatter (~> 0.1)
    simplecov-html (0.12.3)
    simplecov_json_formatter (0.1.4)
    sorted_set (1.0.3)
      rbtree
      set (~> 1.0)
    standard (1.14.0)
      rubocop (= 1.32.0)
      rubocop-performance (= 1.14.3)
    timers (4.3.3)
    unicode-display_width (2.2.0)
    uuidtools (2.2.0)

PLATFORMS
  arm64-darwin-21
  ruby
  x86_64-darwin-18

DEPENDENCIES
  bundler (~> 2.1)
  eventhub-processor2!
  rake (~> 13.0)
  rspec (~> 3.11)
  simplecov (~> 0.21)
  standard (~> 1.14)
