PATH
  remote: .
  specs:
    eventhub-processor2 (1.10.0)
      bunny (~> 2.15)
      celluloid (~> 0.18)
      eventhub-components (~> 0.2)
      uuidtools (~> 2.1)

GEM
  remote: https://rubygems.org/
  specs:
    amq-protocol (2.3.2)
    ast (2.4.2)
    bunny (2.17.0)
      amq-protocol (~> 2.3, >= 2.3.1)
    celluloid (0.18.0)
      timers (~> 4)
    diff-lcs (1.4.4)
    docile (1.3.5)
    eventhub-components (0.2.2)
      logstash-logger (~> 0.26)
    logstash-event (1.2.02)
    logstash-logger (0.26.1)
      logstash-event (~> 1.2)
    parallel (1.20.1)
    parser (3.0.1.0)
      ast (~> 2.4.1)
    rainbow (3.0.0)
    rake (13.0.3)
    regexp_parser (2.1.1)
    rexml (3.2.5)
    rspec (3.10.0)
      rspec-core (~> 3.10.0)
      rspec-expectations (~> 3.10.0)
      rspec-mocks (~> 3.10.0)
    rspec-core (3.10.1)
      rspec-support (~> 3.10.0)
    rspec-expectations (3.10.1)
      diff-lcs (>= 1.2.0, < 2.0)
      rspec-support (~> 3.10.0)
    rspec-mocks (3.10.2)
      diff-lcs (>= 1.2.0, < 2.0)
      rspec-support (~> 3.10.0)
    rspec-support (3.10.2)
    rubocop (1.12.1)
      parallel (~> 1.10)
      parser (>= 3.0.0.0)
      rainbow (>= 2.2.2, < 4.0)
      regexp_parser (>= 1.8, < 3.0)
      rexml
      rubocop-ast (>= 1.2.0, < 2.0)
      ruby-progressbar (~> 1.7)
      unicode-display_width (>= 1.4.0, < 3.0)
    rubocop-ast (1.4.1)
      parser (>= 2.7.1.5)
    rubocop-performance (1.10.1)
      rubocop (>= 0.90.0, < 2.0)
      rubocop-ast (>= 0.4.0)
    ruby-progressbar (1.11.0)
    simplecov (0.21.2)
      docile (~> 1.1)
      simplecov-html (~> 0.11)
      simplecov_json_formatter (~> 0.1)
    simplecov-html (0.12.3)
    simplecov_json_formatter (0.1.2)
    standard (1.0.5)
      rubocop (= 1.12.1)
      rubocop-performance (= 1.10.1)
    standardrb (1.0.0)
      standard
    timers (4.3.3)
    unicode-display_width (2.0.0)
    uuidtools (2.2.0)

PLATFORMS
  ruby
  x86_64-darwin-18

DEPENDENCIES
  bundler (~> 2.1)
  eventhub-processor2!
  rake (~> 13.0)
  rspec (~> 3.9)
  simplecov (~> 0.21)
  standardrb (~> 1.0)

BUNDLED WITH
   2.2.2
