PATH
  remote: .
  specs:
    eventhub-processor2 (1.0.0)
      bunny (~> 2.7)
      eventhub-components (~> 0.2)

GEM
  remote: https://rubygems.org/
  specs:
    amq-protocol (2.2.0)
    bunny (2.7.2)
      amq-protocol (>= 2.2.0)
    diff-lcs (1.3)
    docile (1.1.5)
    eventhub-components (0.2.0)
      logstash-logger (~> 0.25)
    json (2.1.0)
    logstash-event (1.2.02)
    logstash-logger (0.25.1)
      logstash-event (~> 1.2)
    rake (12.3.0)
    rspec (3.7.0)
      rspec-core (~> 3.7.0)
      rspec-expectations (~> 3.7.0)
      rspec-mocks (~> 3.7.0)
    rspec-core (3.7.0)
      rspec-support (~> 3.7.0)
    rspec-expectations (3.7.0)
      diff-lcs (>= 1.2.0, < 2.0)
      rspec-support (~> 3.7.0)
    rspec-mocks (3.7.0)
      diff-lcs (>= 1.2.0, < 2.0)
      rspec-support (~> 3.7.0)
    rspec-support (3.7.0)
    simplecov (0.15.1)
      docile (~> 1.1.0)
      json (>= 1.8, < 3)
      simplecov-html (~> 0.10.0)
    simplecov-html (0.10.2)

PLATFORMS
  ruby

DEPENDENCIES
  bundler (~> 1.16)
  eventhub-processor2!
  rake (~> 12.2)
  rspec (~> 3.7)
  simplecov (~> 0.15)

BUNDLED WITH
   1.16.0
