PATH
  remote: .
  specs:
    eventhub-processor2 (1.8.0)
      bunny (~> 2.15)
      celluloid (~> 0.17)
      eventhub-components (~> 0.2)
      uuidtools (~> 2.1)

GEM
  remote: https://rubygems.org/
  specs:
    amq-protocol (2.3.1)
    bunny (2.15.0)
      amq-protocol (~> 2.3, >= 2.3.1)
    celluloid (0.17.4)
      celluloid-essentials
      celluloid-extras
      celluloid-fsm
      celluloid-pool
      celluloid-supervision
      timers (>= 4.1.1)
    celluloid-essentials (0.20.5)
      timers (>= 4.1.1)
    celluloid-extras (0.20.5)
      timers (>= 4.1.1)
    celluloid-fsm (0.20.5)
      timers (>= 4.1.1)
    celluloid-pool (0.20.5)
      timers (>= 4.1.1)
    celluloid-supervision (0.20.6)
      timers (>= 4.1.1)
    diff-lcs (1.3)
    docile (1.3.2)
    eventhub-components (0.2.2)
      logstash-logger (~> 0.26)
    logstash-event (1.2.02)
    logstash-logger (0.26.1)
      logstash-event (~> 1.2)
    rake (13.0.1)
    rspec (3.9.0)
      rspec-core (~> 3.9.0)
      rspec-expectations (~> 3.9.0)
      rspec-mocks (~> 3.9.0)
    rspec-core (3.9.2)
      rspec-support (~> 3.9.3)
    rspec-expectations (3.9.1)
      diff-lcs (>= 1.2.0, < 2.0)
      rspec-support (~> 3.9.0)
    rspec-mocks (3.9.1)
      diff-lcs (>= 1.2.0, < 2.0)
      rspec-support (~> 3.9.0)
    rspec-support (3.9.3)
    simplecov (0.18.5)
      docile (~> 1.1)
      simplecov-html (~> 0.11)
    simplecov-html (0.12.2)
    timers (4.3.0)
    uuidtools (2.1.5)

PLATFORMS
  ruby

DEPENDENCIES
  bundler (~> 2.1)
  eventhub-processor2!
  rake (~> 13.0)
  rspec (~> 3.9)
  simplecov (~> 0.18)

BUNDLED WITH
   2.1.2
